GEM
  remote: http://rubygems.org/
  specs:
    active_support (3.0.0)
      activesupport (= 3.0.0)
    activesupport (3.0.0)
    awesome_print (1.0.2)
    chronic (0.6.7)
    daemons (1.1.8)
    eventmachine (0.12.10)
    fast-stemmer (1.0.0)
    json (1.6.6)
    json_pure (1.6.6)
    nokogiri (1.5.2)
    pismo (0.7.2)
      awesome_print
      chronic
      fast-stemmer
      nokogiri
      sanitize
      shoulda
    rack (1.4.1)
    rack-protection (1.2.0)
      rack
    sanitize (2.0.3)
      nokogiri (>= 1.4.4, < 1.6)
    shoulda (3.0.1)
      shoulda-context (~> 1.0.0)
      shoulda-matchers (~> 1.0.0)
    shoulda-context (1.0.0)
    shoulda-matchers (1.0.0)
    sinatra (1.3.2)
      rack (~> 1.3, >= 1.3.6)
      rack-protection (~> 1.2)
      tilt (~> 1.3, >= 1.3.3)
    sinatra-jsonp (0.3.2)
      json_pure (~> 1.4)
      sinatra (~> 1.0)
    thin (1.3.1)
      daemons (>= 1.0.9)
      eventmachine (>= 0.12.6)
      rack (>= 1.0.0)
    tilt (1.3.3)

PLATFORMS
  ruby

DEPENDENCIES
  active_support
  json
  pismo
  sinatra
  sinatra-jsonp
  thin
